GEM
  remote: http://rubygems.org/
  specs:
    RedCloth (4.2.9)
    chunky_png (1.2.5)
    classifier (1.3.3)
      fast-stemmer (>= 1.0.0)
    compass (0.12.2)
      chunky_png (~> 1.2)
      fssm (>= 0.2.7)
      sass (~> 3.1)
    daemons (1.1.9)
    directory_watcher (1.4.1)
    eventmachine (1.0.3)
    fast-stemmer (1.0.1)
    fssm (0.2.9)
    haml (3.1.7)
    jekyll (0.12.0)
      classifier (~> 1.3)
      directory_watcher (~> 1.1)
      kramdown (~> 0.13.4)
      liquid (~> 2.3)
      maruku (~> 0.5)
      pygments.rb (~> 0.3.2)
    kramdown (0.13.8)
    liquid (2.3.0)
    maruku (0.6.1)
      syntax (>= 1.0.0)
    posix-spawn (0.3.6)
    pygments.rb (0.3.4)
      posix-spawn (~> 0.3.6)
      yajl-ruby (~> 1.1.0)
    rack (1.5.2)
    rake (10.3.2)
    rb-fsevent (0.9.1)
    rdiscount (2.0.7.3)
    rubypants (0.2.0)
    sass (3.2.9)
    sass-globbing (1.0.0)
      sass (>= 3.1)
    sinatra (1.2.6)
      rack (~> 1.1)
      tilt (>= 1.2.2, < 2.0)
      tilt (>= 1.2.2, < 2.0)
    stringex (1.4.0)
    syntax (1.0.0)
    thin (1.6.2)
      daemons (>= 1.0.9)
      eventmachine (>= 1.0.0)
      rack (>= 1.0.0)
    tilt (1.4.1)
    yajl-ruby (1.1.0)

PLATFORMS
  ruby

DEPENDENCIES
  RedCloth
  compass (>= 0.11)
  haml (>= 3.1)
  jekyll
  liquid
  rack
  rake
  rb-fsevent
  rdiscount
  rubypants
  sass (~> 3.2)
  sass-globbing (~> 1.0.0)
  sinatra (= 1.2.6)
  stringex
  thin
